GEM
  remote: https://rubygems.org/
  specs:
    json (2.7.2)
    nokogiri (1.16.6-x86_64-linux)
      racc (~> 1.4)
    racc (1.8.0)
    rexml (3.3.1)
      strscan
    rubyzip (2.3.2)
    selenium-webdriver (4.10.0)
      rexml (~> 3.2, >= 3.2.5)
      rubyzip (>= 1.2.2, < 3.0)
      websocket (~> 1.0)
    strscan (3.1.0)
    webdrivers (5.3.1)
      nokogiri (~> 1.6)
      rubyzip (>= 1.3.0)
      selenium-webdriver (~> 4.0, < 4.11)
    websocket (1.2.10)

PLATFORMS
  x86_64-linux

DEPENDENCIES
  json
  selenium-webdriver
  webdrivers

BUNDLED WITH
   2.4.19
